PATH
  remote: .
  specs:
    quicky (0.0.3)

GEM
  remote: https://rubygems.org/
  specs:
    test-unit (2.5.1)

PLATFORMS
  ruby

DEPENDENCIES
  quicky!
  test-unit
