PATH
  remote: .
  specs:
    quicky (0.2.0)

GEM
  remote: https://rubygems.org/
  specs:
    test-unit (2.5.2)

PLATFORMS
  ruby

DEPENDENCIES
  quicky!
  test-unit
